GEM
  remote: https://rubygems.org/
  specs:
    google-protobuf (3.15.3)
    googleapis-common-protos-types (1.0.6)
      google-protobuf (~> 3.14)
    grpc (1.35.0)
      google-protobuf (~> 3.14)
      googleapis-common-protos-types (~> 1.0)
    multi_json (1.13.1)

PLATFORMS
  ruby

DEPENDENCIES
  google-protobuf (= 3.15.3)
  grpc (= 1.35.0)
  multi_json (= 1.13.1)
